GIT
  remote: git://github.com/pauldix/feedzirra.git
  revision: 07fd6aaeec0967ef7bb027840e0d21f08a0c7684
  specs:
    feedzirra (0.0.24)
      activesupport (>= 2.3.8)
      builder (>= 2.1.2)
      curb (>= 0.2.3)
      loofah (>= 0.3.1)
      nokogiri (> 0.0.0)
      sax-machine (>= 0.0.12)

GEM
  remote: http://rubygems.org/
  specs:
    activesupport (3.0.5)
    builder (3.0.0)
    curb (0.7.15)
    hpricot (0.8.4)
    i18n (0.5.0)
    loofah (1.0.0)
      nokogiri (>= 1.3.3)
    nokogiri (1.4.4)
    sax-machine (0.0.16)
      nokogiri (> 0.0.0)

PLATFORMS
  ruby

DEPENDENCIES
  feedzirra!
  hpricot
  i18n
